{
    "AcquisitionMatrixPE": 448,
    "AcquisitionNumber": 1,
    "AcquisitionTime": "20:57:53.867500",
    "BaseResolution": 448,
    "BodyPartExamined": "HEAD",
    "ConsistencyInfo": "N4_VE11C_LATEST_20160120",
    "ConversionSoftware": "dcm2niix",
    "ConversionSoftwareVersion": "v1.0.20190410  GCC6.3.0",
    "DeviceSerialNumber": "67022",
    "DwellTime": 1.12e-05,
    "EchoTime": 0.05,
    "EchoTrainLength": 15,
    "FlipAngle": 122,
    "ImageOrientationPatientDICOM": [
        0.999908,
        0.013581,
        -3.61641e-10,
        -0.00565103,
        0.416059,
        -0.90932
    ],
    "ImageType": [
        "ORIGINAL",
        "PRIMARY",
        "M",
        "NORM",
        "DIS3D",
        "DIS2D"
    ],
    "ImagingFrequency": 123.107,
    "InPlanePhaseEncodingDirectionDICOM": "ROW",
    "InstitutionAddress": "deleted_by_bidsonym",
    "InstitutionName": "UCSB_Brain_Imaging_Center",
    "InstitutionalDepartmentName": "Psych_Department",
    "MRAcquisitionType": "2D",
    "MagneticFieldStrength": 3,
    "Manufacturer": "Siemens",
    "ManufacturersModelName": "Prisma_fit",
    "Modality": "MR",
    "ParallelReductionFactorInPlane": 2,
    "PartialFourier": 1,
    "PatientPosition": "HFS",
    "PercentPhaseFOV": 100,
    "PhaseEncodingDirection": "i",
    "PhaseEncodingSteps": 895,
    "PhaseOversampling": 1,
    "PhaseResolution": 1,
    "PixelBandwidth": 100,
    "ProcedureStepDescription": "deleted_by_bidsonym",
    "ProtocolName": "t2_tse_tra_hi-res_hippocampus",
    "PulseSequenceDetails": "%SiemensSeq%_tse",
    "ReceiveCoilActiveElements": "HC1-7",
    "ReceiveCoilName": "HeadNeck_64",
    "ReconMatrixPE": 448,
    "RefLinesPE": 34,
    "RepetitionTime": 10.64,
    "SAR": 0.271668,
    "ScanningSequence": "SE",
    "SequenceName": "_tse2d1_15",
    "SequenceVariant": "SK_SP_OSP",
    "SeriesDescription": "t2_tse_tra_hi-res_hippocampus",
    "SeriesNumber": 6,
    "ShimSetting": [
        -4139,
        1324,
        -6082,
        67,
        12,
        -3,
        -23,
        15
    ],
    "SliceThickness": 2,
    "SoftwareVersions": "syngo_MR_E11",
    "SpacingBetweenSlices": 2,
    "StationName": "MRC35273",
    "TxRefAmp": 231.842
}