{
    "AcquisitionMatrixPE": 104,
    "AcquisitionNumber": 1,
    "AcquisitionTime": "07:48:11.375000",
    "BandwidthPerPixelPhaseEncode": 16.578,
    "BaseResolution": 104,
    "BodyPartExamined": "HEAD",
    "ConsistencyInfo": "N4_VE11C_LATEST_20160120",
    "ConversionSoftware": "dcm2niix",
    "ConversionSoftwareVersion": "v1.0.20190410  GCC6.3.0",
    "DerivedVendorReportedEchoSpacing": 0.000580009,
    "DeviceSerialNumber": "67022",
    "DwellTime": 2.1e-06,
    "EchoTime": 0.037,
    "EchoTrainLength": 91,
    "EffectiveEchoSpacing": 0.000580009,
    "FlipAngle": 52,
    "ImageComments": "Unaliased_MB8_PE3",
    "ImageOrientationPatientDICOM": [
        0.999702,
        0.000851455,
        0.0243844,
        -5.51526e-08,
        0.999391,
        -0.0348945
    ],
    "ImageType": [
        "ORIGINAL",
        "PRIMARY",
        "M",
        "MB",
        "ND",
        "MOSAIC"
    ],
    "ImagingFrequency": 123.108,
    "InPlanePhaseEncodingDirectionDICOM": "COL",
    "InstitutionAddress": "deleted_by_bidsonym",
    "InstitutionName": "UCSB_Brain_Imaging_Center",
    "InstitutionalDepartmentName": "Psych_Department",
    "MRAcquisitionType": "2D",
    "MagneticFieldStrength": 3,
    "Manufacturer": "Siemens",
    "ManufacturersModelName": "Prisma_fit",
    "Modality": "MR",
    "MultibandAccelerationFactor": 8,
    "PartialFourier": 0.875,
    "PatientPosition": "HFS",
    "PercentPhaseFOV": 100,
    "PhaseEncodingDirection": "j",
    "PhaseEncodingSteps": 91,
    "PhaseResolution": 1,
    "PixelBandwidth": 2290,
    "ProcedureStepDescription": "deleted_by_bidsonym",
    "ProtocolName": "epi_mb_720_Resting_R016",
    "PulseSequenceDetails": "%CustomerSeq%_cmrr_mbep2d_bold",
    "ReceiveCoilActiveElements": "HC1-6",
    "ReceiveCoilName": "HeadNeck_64",
    "ReconMatrixPE": 104,
    "RepetitionTime": 0.72,
    "SAR": 0.161504,
    "ScanOptions": "PFP_FS",
    "ScanningSequence": "EP",
    "SequenceName": "epfid2d1_104",
    "SequenceVariant": "SK_SS",
    "SeriesDescription": "epi_mb_720_Resting_R016",
    "SeriesNumber": 5,
    "ShimSetting": [
        -4135,
        1337,
        -5809,
        298,
        -43,
        20,
        2,
        35
    ],
    "SliceThickness": 2,
    "SliceTiming": [
        0,
        0.3875,
        0.0775,
        0.465,
        0.155,
        0.545,
        0.2325,
        0.6225,
        0.31,
        0,
        0.3875,
        0.0775,
        0.465,
        0.155,
        0.545,
        0.2325,
        0.6225,
        0.31,
        0,
        0.3875,
        0.0775,
        0.465,
        0.155,
        0.545,
        0.2325,
        0.6225,
        0.31,
        0,
        0.3875,
        0.0775,
        0.465,
        0.155,
        0.545,
        0.2325,
        0.6225,
        0.31,
        0,
        0.3875,
        0.0775,
        0.465,
        0.155,
        0.545,
        0.2325,
        0.6225,
        0.31,
        0,
        0.3875,
        0.0775,
        0.465,
        0.155,
        0.545,
        0.2325,
        0.6225,
        0.31,
        0,
        0.3875,
        0.0775,
        0.465,
        0.155,
        0.545,
        0.2325,
        0.6225,
        0.31,
        0,
        0.3875,
        0.0775,
        0.465,
        0.155,
        0.545,
        0.2325,
        0.6225,
        0.31
    ],
    "SoftwareVersions": "syngo_MR_E11",
    "SpacingBetweenSlices": 2,
    "StationName": "MRC35273",
    "TaskName": "rest",
    "TotalReadoutTime": 0.0597409,
    "TxRefAmp": 234.468,
    "WipMemBlock": "c97dc7e8-4106-4566-a23d-cd5986e1b500||Sequence: R016 ve11c/master r/e634e98; Dec 19 2017 11:00:25 by eja"
}