{
    "AcquisitionMatrixPE": 104,
    "AcquisitionNumber": 1,
    "AcquisitionTime": "07:36:0.932500",
    "BaseResolution": 104,
    "BodyPartExamined": "HEAD",
    "ConsistencyInfo": "N4_VE11C_LATEST_20160120",
    "ConversionSoftware": "dcm2niix",
    "ConversionSoftwareVersion": "v1.0.20190410  GCC6.3.0",
    "DeviceSerialNumber": "67022",
    "DwellTime": 8e-06,
    "EchoNumber": 2,
    "EchoTime": 0.00738,
    "FlipAngle": 60,
    "ImageOrientationPatientDICOM": [
        0.999702,
        0.000851455,
        0.0243844,
        -5.51526e-08,
        0.999391,
        -0.0348945
    ],
    "ImageType": [
        "ORIGINAL",
        "PRIMARY",
        "M",
        "ND"
    ],
    "ImagingFrequency": 123.107,
    "InPlanePhaseEncodingDirectionDICOM": "COL",
    "InstitutionAddress": "deleted_by_bidsonym",
    "InstitutionName": "UCSB_Brain_Imaging_Center",
    "InstitutionalDepartmentName": "Psych_Department",
    "MRAcquisitionType": "2D",
    "MagneticFieldStrength": 3,
    "Manufacturer": "Siemens",
    "ManufacturersModelName": "Prisma_fit",
    "Modality": "MR",
    "PartialFourier": 1,
    "PatientPosition": "HFS",
    "PercentPhaseFOV": 100,
    "PhaseEncodingDirection": "j-",
    "PhaseEncodingSteps": 104,
    "PhaseResolution": 1,
    "PixelBandwidth": 600,
    "ProcedureStepDescription": "deleted_by_bidsonym",
    "ProtocolName": "gre_field_mapping_2mm",
    "PulseSequenceDetails": "%SiemensSeq%_gre_field_mapping",
    "ReceiveCoilActiveElements": "HC1-7",
    "ReceiveCoilName": "HeadNeck_64",
    "ReconMatrixPE": 104,
    "RepetitionTime": 0.758,
    "SAR": 0.10546,
    "ScanningSequence": "GR",
    "SequenceName": "_fm2d2r",
    "SequenceVariant": "SP",
    "SeriesDescription": "gre_field_mapping_2mm",
    "SeriesNumber": 3,
    "ShimSetting": [
        -4138,
        1338,
        -5821,
        360,
        -58,
        32,
        11,
        12
    ],
    "SliceThickness": 2,
    "SoftwareVersions": "syngo_MR_E11",
    "SpacingBetweenSlices": 2,
    "StationName": "MRC35273",
    "TxRefAmp": 231.544
}